GEM
  remote: https://www.rubygems.org/
  specs:
    backports (3.11.3)
    multi_json (1.13.1)
    mustermann (1.0.0)
    rack (2.0.3)
    rack-protection (2.0.0)
      rack
    redis (4.0.1)
    sinatra (2.0.0)
      mustermann (~> 1.0)
      rack (~> 2.0)
      rack-protection (= 2.0.0)
      tilt (~> 2.0)
    sinatra-contrib (2.0.0)
      backports (>= 2.0)
      multi_json
      mustermann (~> 1.0)
      rack-protection (= 2.0.0)
      sinatra (= 2.0.0)
      tilt (>= 1.3, < 3)
    tilt (2.0.8)

PLATFORMS
  x64-mingw32

DEPENDENCIES
  bundler
  redis
  sinatra
  sinatra-contrib

BUNDLED WITH
   1.15.4
